{
  "Modality": "MR",
  "MagneticFieldStrength": 3,
  "ImagingFrequency": 123.228,
  "Manufacturer": "Siemens",
  "ManufacturersModelName": "Skyra",
  "InstitutionName": "Malopolskie Centrum Biotechnologii",
  "InstitutionalDepartmentName": "Department",
  "DeviceSerialNumber": "45484",
  "StationName": "AWP45484",
  "BodyPartExamined": "BRAIN",
  "PatientPosition": "HFS",
  "SoftwareVersions": "syngo MR E11",
  "MRAcquisitionType": "2D",
  "SeriesDescription": "epi_phase_PA_start_B",
  "ProtocolName": "epi_phase_PA_start_B",
  "ScanningSequence": "EP",
  "SequenceVariant": "SK\\SS",
  "ScanOptions": "FS\\EXT",
  "SequenceName": "epfid2d1_64",
  "ImageType": [
    "ORIGINAL",
    "PRIMARY",
    "M",
    "MB",
    "ND",
    "NORM",
    "MOSAIC"
  ],
  "SeriesNumber": 6,
  "AcquisitionTime": "10:38:47.317500",
  "AcquisitionNumber": 1,
  "ImageComments": "Unaliased MB2/PE4/LB",
  "SliceThickness": 3,
  "SpacingBetweenSlices": 3,
  "SAR": 0.124697,
  "EchoTime": 0.027,
  "RepetitionTime": 1.4,
  "FlipAngle": 70,
  "PartialFourier": 1,
  "BaseResolution": 64,
  "ShimSetting": [
    7058,
    -13346,
    -6932,
    172,
    550,
    -688,
    -29,
    -251
  ],
  "TxRefAmp": 312.495,
  "PhaseResolution": 1,
  "ReceiveCoilName": "HeadNeck_64",
  "ReceiveCoilActiveElements": "HC1-7",
  "PulseSequenceDetails": "%CustomerSeq%\\cmrr_mbep2d_bold",
  "WipMemBlock": "80cb88dc-da21-48c5-9a3b-97b7aef4c228||Sequence: R016 ve11e/master r/434b28f1; Aug  7 2019 18:53:46 by eja",
  "RefLinesPE": 24,
  "CoilCombinationMethod": "Sum of Squares",
  "ConsistencyInfo": "N4_VE11E_LATEST_20181129",
  "MatrixCoilMode": "GRAPPA",
  "MultibandAccelerationFactor": 2,
  "PercentPhaseFOV": 100,
  "PercentSampling": 100,
  "EchoTrainLength": 31,
  "PhaseEncodingSteps": 63,
  "AcquisitionMatrixPE": 64,
  "ReconMatrixPE": 64,
  "BandwidthPerPixelPhaseEncode": 41.667,
  "ParallelReductionFactorInPlane": 2,
  "EffectiveEchoSpacing": 0.000374997,
  "DerivedVendorReportedEchoSpacing": 0.000749994,
  "TotalReadoutTime": 0.0236248,
  "PixelBandwidth": 1500,
  "DwellTime": 5.2e-06,
  "PhaseEncodingDirection": "j",
  "SliceTiming": [
    0,
    0.7175,
    0.055,
    0.7725,
    0.11,
    0.8275,
    0.165,
    0.8825,
    0.22,
    0.9375,
    0.275,
    0.9925,
    0.33,
    1.0475,
    0.385,
    1.1025,
    0.44,
    1.1575,
    0.495,
    1.2125,
    0.55,
    1.2675,
    0.605,
    1.3225,
    0.66,
    0,
    0.7175,
    0.055,
    0.7725,
    0.11,
    0.8275,
    0.165,
    0.8825,
    0.22,
    0.9375,
    0.275,
    0.9925,
    0.33,
    1.0475,
    0.385,
    1.1025,
    0.44,
    1.1575,
    0.495,
    1.2125,
    0.55,
    1.2675,
    0.605,
    1.3225,
    0.66
  ],
  "ImageOrientationPatientDICOM": [
    0.997328,
    0.0707817,
    0.0181037,
    -0.0632708,
    0.960662,
    -0.270418
  ],
  "ImageOrientationText": "Tra>Cor(-15.6)>Sag(2.1)",
  "InPlanePhaseEncodingDirectionDICOM": "COL",
  "ConversionSoftware": "dcm2niix",
  "ConversionSoftwareVersion": "v1.0.20211006",
  "IntendedFor": [
    "ses-01/func/sub-43_ses-01_task-PN_run-01_bold.nii.gz",
    "ses-01/func/sub-43_ses-01_task-PN_run-02_bold.nii.gz",
    "ses-01/func/sub-43_ses-01_task-PN_run-03_bold.nii.gz",
    "ses-01/func/sub-43_ses-01_task-PN_run-04_bold.nii.gz",
    "ses-01/func/sub-43_ses-01_task-VF_run-01_bold.nii.gz",
    "ses-01/func/sub-43_ses-01_task-VF_run-02_bold.nii.gz",
    "ses-01/func/sub-43_ses-01_task-vWM_run-01_bold.nii.gz",
    "ses-01/func/sub-43_ses-01_task-vWM_run-02_bold.nii.gz"
  ]
}
