{
  "Modality": "MR",
  "MagneticFieldStrength": 3,
  "ImagingFrequency": 123.228,
  "Manufacturer": "Siemens",
  "ManufacturersModelName": "Skyra",
  "InstitutionName": "Malopolskie Centrum Biotechnologii",
  "InstitutionalDepartmentName": "Department",
  "DeviceSerialNumber": "45484",
  "StationName": "AWP45484",
  "BodyPartExamined": "BRAIN",
  "PatientPosition": "HFS",
  "SoftwareVersions": "syngo MR E11",
  "MRAcquisitionType": "2D",
  "SeriesDescription": "fieldmap_B",
  "ProtocolName": "fieldmap_B",
  "ScanningSequence": "GR",
  "SequenceVariant": "SP",
  "SequenceName": "*fm2d2r",
  "ImageType": [
    "ORIGINAL",
    "PRIMARY",
    "P",
    "ND",
    "PHASE"
  ],
  "SeriesNumber": 31,
  "AcquisitionTime": "11:48:7.427500",
  "AcquisitionNumber": 1,
  "SliceThickness": 3,
  "SpacingBetweenSlices": 3,
  "SAR": 0.13684,
  "EchoNumber": 2,
  "EchoTime": 0.00738,
  "RepetitionTime": 0.507,
  "FlipAngle": 60,
  "EchoTime1": 0.00492,
  "EchoTime2": 0.00738,
  "PartialFourier": 1,
  "BaseResolution": 64,
  "ShimSetting": [
    7059,
    -13408,
    -6670,
    150,
    674,
    -321,
    118,
    -195
  ],
  "TxRefAmp": 286.734,
  "PhaseResolution": 1,
  "ReceiveCoilName": "HeadNeck_64",
  "ReceiveCoilActiveElements": "HC1-7",
  "PulseSequenceDetails": "%SiemensSeq%\\gre_field_mapping",
  "CoilCombinationMethod": "Sum of Squares",
  "ConsistencyInfo": "N4_VE11E_LATEST_20181129",
  "MatrixCoilMode": "SENSE",
  "PercentPhaseFOV": 100,
  "PercentSampling": 100,
  "PhaseEncodingSteps": 64,
  "AcquisitionMatrixPE": 64,
  "ReconMatrixPE": 64,
  "PixelBandwidth": 390,
  "DwellTime": 2.01e-05,
  "PhaseEncodingDirection": "i",
  "SliceTiming": [
    0.25781,
    0,
    0.26562,
    0.01562,
    0.27344,
    0.02344,
    0.28906,
    0.03125,
    0.29688,
    0.04688,
    0.30469,
    0.05469,
    0.3125,
    0.0625,
    0.32812,
    0.07031,
    0.33594,
    0.08594,
    0.34375,
    0.09375,
    0.35938,
    0.10156,
    0.36719,
    0.10938,
    0.375,
    0.125,
    0.39062,
    0.13281,
    0.39844,
    0.14062,
    0.40625,
    0.15625,
    0.42188,
    0.16406,
    0.42969,
    0.17188,
    0.4375,
    0.17969,
    0.44531,
    0.19531,
    0.46094,
    0.20312,
    0.46875,
    0.21875,
    0.47656,
    0.22656,
    0.48438,
    0.23438,
    0.5,
    0.24219
  ],
  "ImageOrientationPatientDICOM": [
    0.999806,
    -0.0121802,
    -0.0155122,
    0.0113429,
    0.998532,
    -0.052968
  ],
  "ImageOrientationText": "Tra>Cor(-3.0)>Sag(-0.9)",
  "InPlanePhaseEncodingDirectionDICOM": "ROW",
  "ConversionSoftware": "dcm2niix",
  "ConversionSoftwareVersion": "v1.0.20211006",
  "IntendedFor": [
    "ses-02/func/sub-17_ses-02_task-Articulation_run-01_bold.nii.gz",
    "ses-02/func/sub-17_ses-02_task-Articulation_run-02_bold.nii.gz",
    "ses-02/func/sub-17_ses-02_task-PN_run-01_bold.nii.gz",
    "ses-02/func/sub-17_ses-02_task-PN_run-02_bold.nii.gz",
    "ses-02/func/sub-17_ses-02_task-PN_run-03_bold.nii.gz",
    "ses-02/func/sub-17_ses-02_task-PN_run-04_bold.nii.gz",
    "ses-02/func/sub-17_ses-02_task-VF_run-01_bold.nii.gz",
    "ses-02/func/sub-17_ses-02_task-VF_run-02_bold.nii.gz",
    "ses-02/func/sub-17_ses-02_task-vWM_run-01_bold.nii.gz",
    "ses-02/func/sub-17_ses-02_task-vWM_run-02_bold.nii.gz"
  ]
}
