{
  "Modality": "MR",
  "MagneticFieldStrength": 3,
  "ImagingFrequency": 123.228,
  "Manufacturer": "Siemens",
  "ManufacturersModelName": "Skyra",
  "InstitutionName": "Malopolskie Centrum Biotechnologii",
  "InstitutionalDepartmentName": "Department",
  "DeviceSerialNumber": "45484",
  "StationName": "AWP45484",
  "BodyPartExamined": "BRAIN",
  "PatientPosition": "HFS",
  "SoftwareVersions": "syngo MR E11",
  "MRAcquisitionType": "2D",
  "SeriesDescription": "epi_phase_PA_start_B",
  "ProtocolName": "epi_phase_PA_start_B",
  "ScanningSequence": "EP",
  "SequenceVariant": "SK\\SS",
  "ScanOptions": "FS\\EXT",
  "SequenceName": "epfid2d1_64",
  "ImageType": [
    "ORIGINAL",
    "PRIMARY",
    "M",
    "MB",
    "ND",
    "NORM",
    "MOSAIC"
  ],
  "SeriesNumber": 6,
  "AcquisitionTime": "10:37:13.202500",
  "AcquisitionNumber": 1,
  "ImageComments": "Unaliased MB2/PE4/LB",
  "SliceThickness": 3,
  "SpacingBetweenSlices": 3,
  "SAR": 0.109113,
  "EchoTime": 0.027,
  "RepetitionTime": 1.4,
  "FlipAngle": 70,
  "PartialFourier": 1,
  "BaseResolution": 64,
  "ShimSetting": [
    7070,
    -13413,
    -6783,
    62,
    815,
    -524,
    107,
    -176
  ],
  "TxRefAmp": 286.734,
  "PhaseResolution": 1,
  "ReceiveCoilName": "HeadNeck_64",
  "ReceiveCoilActiveElements": "HC1-7",
  "PulseSequenceDetails": "%CustomerSeq%\\cmrr_mbep2d_bold",
  "WipMemBlock": "b95fff90-299e-455e-b089-8b94859af22c||Sequence: R016 ve11e/master r/434b28f1; Aug  7 2019 18:53:46 by eja",
  "RefLinesPE": 24,
  "CoilCombinationMethod": "Sum of Squares",
  "ConsistencyInfo": "N4_VE11E_LATEST_20181129",
  "MatrixCoilMode": "GRAPPA",
  "MultibandAccelerationFactor": 2,
  "PercentPhaseFOV": 100,
  "PercentSampling": 100,
  "EchoTrainLength": 31,
  "PhaseEncodingSteps": 63,
  "AcquisitionMatrixPE": 64,
  "ReconMatrixPE": 64,
  "BandwidthPerPixelPhaseEncode": 41.667,
  "ParallelReductionFactorInPlane": 2,
  "EffectiveEchoSpacing": 0.000374997,
  "DerivedVendorReportedEchoSpacing": 0.000749994,
  "TotalReadoutTime": 0.0236248,
  "PixelBandwidth": 1500,
  "DwellTime": 5.2e-06,
  "PhaseEncodingDirection": "j",
  "SliceTiming": [
    0,
    0.7175,
    0.055,
    0.7725,
    0.11,
    0.8275,
    0.1675,
    0.885,
    0.2225,
    0.94,
    0.2775,
    0.995,
    0.3325,
    1.05,
    0.3875,
    1.105,
    0.4425,
    1.16,
    0.4975,
    1.215,
    0.5525,
    1.27,
    0.6075,
    1.325,
    0.6625,
    0,
    0.7175,
    0.055,
    0.7725,
    0.11,
    0.8275,
    0.1675,
    0.885,
    0.2225,
    0.94,
    0.2775,
    0.995,
    0.3325,
    1.05,
    0.3875,
    1.105,
    0.4425,
    1.16,
    0.4975,
    1.215,
    0.5525,
    1.27,
    0.6075,
    1.325,
    0.6625
  ],
  "ImageOrientationPatientDICOM": [
    0.999806,
    -0.0121803,
    -0.0155122,
    0.011343,
    0.998532,
    -0.052968
  ],
  "ImageOrientationText": "Tra>Cor(-3.0)>Sag(-0.9)",
  "InPlanePhaseEncodingDirectionDICOM": "COL",
  "ConversionSoftware": "dcm2niix",
  "ConversionSoftwareVersion": "v1.0.20211006",
  "IntendedFor": [
    "ses-02/func/sub-17_ses-02_task-Articulation_run-01_bold.nii.gz",
    "ses-02/func/sub-17_ses-02_task-Articulation_run-02_bold.nii.gz",
    "ses-02/func/sub-17_ses-02_task-PN_run-01_bold.nii.gz",
    "ses-02/func/sub-17_ses-02_task-PN_run-02_bold.nii.gz",
    "ses-02/func/sub-17_ses-02_task-PN_run-03_bold.nii.gz",
    "ses-02/func/sub-17_ses-02_task-PN_run-04_bold.nii.gz",
    "ses-02/func/sub-17_ses-02_task-VF_run-01_bold.nii.gz",
    "ses-02/func/sub-17_ses-02_task-VF_run-02_bold.nii.gz",
    "ses-02/func/sub-17_ses-02_task-vWM_run-01_bold.nii.gz",
    "ses-02/func/sub-17_ses-02_task-vWM_run-02_bold.nii.gz"
  ]
}
