{
  "Modality": "MR",
  "MagneticFieldStrength": 3,
  "ImagingFrequency": 123.228,
  "Manufacturer": "Siemens",
  "ManufacturersModelName": "Skyra",
  "InstitutionName": "Malopolskie Centrum Biotechnologii",
  "InstitutionalDepartmentName": "Department",
  "DeviceSerialNumber": "45484",
  "StationName": "AWP45484",
  "BodyPartExamined": "BRAIN",
  "PatientPosition": "HFS",
  "SoftwareVersions": "syngo MR E11",
  "MRAcquisitionType": "2D",
  "SeriesDescription": "fieldmap_BBEGIN",
  "ProtocolName": "fieldmap_BBEGIN",
  "ScanningSequence": "GR",
  "SequenceVariant": "SP",
  "SequenceName": "*fm2d2r",
  "ImageType": [
    "ORIGINAL",
    "PRIMARY",
    "M",
    "ND",
    "NORM"
  ],
  "SeriesNumber": 6,
  "AcquisitionTime": "12:55:8.172500",
  "AcquisitionNumber": 1,
  "SliceThickness": 3,
  "SpacingBetweenSlices": 3,
  "SAR": 0.118146,
  "EchoNumber": 1,
  "EchoTime": 0.00492,
  "RepetitionTime": 0.507,
  "FlipAngle": 60,
  "PartialFourier": 1,
  "BaseResolution": 64,
  "ShimSetting": [
    7025,
    -13448,
    -6808,
    173,
    587,
    -605,
    115,
    -201
  ],
  "TxRefAmp": 291.411,
  "PhaseResolution": 1,
  "ReceiveCoilName": "HeadNeck_64",
  "ReceiveCoilActiveElements": "HC1-7",
  "PulseSequenceDetails": "%SiemensSeq%\\gre_field_mapping",
  "CoilCombinationMethod": "Sum of Squares",
  "ConsistencyInfo": "N4_VE11E_LATEST_20181129",
  "MatrixCoilMode": "SENSE",
  "PercentPhaseFOV": 100,
  "PercentSampling": 100,
  "PhaseEncodingSteps": 64,
  "AcquisitionMatrixPE": 64,
  "ReconMatrixPE": 64,
  "PixelBandwidth": 390,
  "DwellTime": 2.01e-05,
  "PhaseEncodingDirection": "i",
  "SliceTiming": [
    0.25,
    0,
    0.25781,
    0.00781,
    0.27344,
    0.01562,
    0.28125,
    0.03125,
    0.29688,
    0.03906,
    0.30469,
    0.04688,
    0.3125,
    0.05469,
    0.32031,
    0.07031,
    0.33594,
    0.07812,
    0.34375,
    0.08594,
    0.35156,
    0.10156,
    0.35938,
    0.10938,
    0.375,
    0.11719,
    0.38281,
    0.13281,
    0.39062,
    0.14062,
    0.40625,
    0.14844,
    0.41406,
    0.16406,
    0.42188,
    0.17188,
    0.42969,
    0.17969,
    0.44531,
    0.1875,
    0.45312,
    0.20312,
    0.46875,
    0.21094,
    0.47656,
    0.21875,
    0.48438,
    0.23438,
    0.49219,
    0.24219
  ],
  "ImageOrientationPatientDICOM": [
    0.999884,
    -0.00158245,
    -0.0151343,
    0.000698051,
    0.998301,
    -0.0582644
  ],
  "ImageOrientationText": "Tra>Cor(-3.3)>Sag(-0.9)",
  "InPlanePhaseEncodingDirectionDICOM": "ROW",
  "ConversionSoftware": "dcm2niix",
  "ConversionSoftwareVersion": "v1.0.20211006",
  "IntendedFor": [
    "ses-02/func/sub-41_ses-02_task-PN_run-01_bold.nii.gz",
    "ses-02/func/sub-41_ses-02_task-PN_run-02_bold.nii.gz",
    "ses-02/func/sub-41_ses-02_task-PN_run-03_bold.nii.gz",
    "ses-02/func/sub-41_ses-02_task-PN_run-04_bold.nii.gz",
    "ses-02/func/sub-41_ses-02_task-VF_run-01_bold.nii.gz",
    "ses-02/func/sub-41_ses-02_task-VF_run-02_bold.nii.gz",
    "ses-02/func/sub-41_ses-02_task-vWM_run-01_bold.nii.gz",
    "ses-02/func/sub-41_ses-02_task-vWM_run-02_bold.nii.gz"
  ]
}
