{
  "Modality": "MR",
  "MagneticFieldStrength": 3,
  "ImagingFrequency": 123.228,
  "Manufacturer": "Siemens",
  "ManufacturersModelName": "Skyra",
  "InstitutionName": "Malopolskie Centrum Biotechnologii",
  "InstitutionalDepartmentName": "Department",
  "DeviceSerialNumber": "45484",
  "StationName": "AWP45484",
  "BodyPartExamined": "BRAIN",
  "PatientPosition": "HFS",
  "SoftwareVersions": "syngo MR E11",
  "MRAcquisitionType": "3D",
  "SeriesDescription": "t2_spc_sag_iso_p4",
  "ProtocolName": "t2_spc_sag_iso_p4",
  "ScanningSequence": "SE",
  "SequenceVariant": "SK\\SP",
  "ScanOptions": "PFP",
  "SequenceName": "*spcR_282ns",
  "ImageType": [
    "ORIGINAL",
    "PRIMARY",
    "M",
    "ND",
    "NORM"
  ],
  "SeriesNumber": 28,
  "AcquisitionTime": "13:43:58.507500",
  "AcquisitionNumber": 1,
  "SliceThickness": 0.9,
  "SAR": 0.138826,
  "EchoTime": 0.408,
  "RepetitionTime": 3.2,
  "SpoilingState": true,
  "FlipAngle": 120,
  "PartialFourier": 1,
  "BaseResolution": 256,
  "ShimSetting": [
    7050,
    -13416,
    -7195,
    -310,
    672,
    -452,
    99,
    -251
  ],
  "TxRefAmp": 313.176,
  "PhaseResolution": 1,
  "ReceiveCoilName": "HeadNeck_64",
  "ReceiveCoilActiveElements": "HC1-7",
  "PulseSequenceDetails": "%SiemensSeq%\\tse_vfl",
  "RefLinesPE": 24,
  "CoilCombinationMethod": "Adaptive Combine",
  "ConsistencyInfo": "N4_VE11E_LATEST_20181129",
  "MatrixCoilMode": "GRAPPA",
  "PercentPhaseFOV": 100,
  "PercentSampling": 100,
  "EchoTrainLength": 253,
  "PhaseEncodingSteps": 223,
  "AcquisitionMatrixPE": 256,
  "ReconMatrixPE": 256,
  "ParallelReductionFactorInPlane": 4,
  "PixelBandwidth": 725,
  "DwellTime": 2.7e-06,
  "PhaseEncodingDirection": "i",
  "ImageOrientationPatientDICOM": [
    -0.0339636,
    0.9992,
    -0.021114,
    -0.0161699,
    -0.0216728,
    -0.999634
  ],
  "ImageOrientationText": "Sag>Cor(-1.9)>Tra(1.0)",
  "InPlanePhaseEncodingDirectionDICOM": "ROW",
  "ConversionSoftware": "dcm2niix",
  "ConversionSoftwareVersion": "v1.0.20211006"
}
