{
  "Modality": "MR",
  "MagneticFieldStrength": 3,
  "ImagingFrequency": 123.228,
  "Manufacturer": "Siemens",
  "ManufacturersModelName": "Skyra",
  "InstitutionName": "Malopolskie Centrum Biotechnologii",
  "InstitutionalDepartmentName": "Department",
  "DeviceSerialNumber": "45484",
  "StationName": "AWP45484",
  "BodyPartExamined": "BRAIN",
  "PatientPosition": "HFS",
  "SoftwareVersions": "syngo MR E11",
  "MRAcquisitionType": "2D",
  "SeriesDescription": "fieldmap",
  "ProtocolName": "fieldmap",
  "ScanningSequence": "GR",
  "SequenceVariant": "SP",
  "SequenceName": "*fm2d2r",
  "ImageType": [
    "ORIGINAL",
    "PRIMARY",
    "P",
    "ND",
    "PHASE"
  ],
  "SeriesNumber": 30,
  "AcquisitionTime": "12:31:13.155000",
  "AcquisitionNumber": 1,
  "SliceThickness": 3,
  "SpacingBetweenSlices": 3,
  "SAR": 0.103819,
  "EchoNumber": 2,
  "EchoTime": 0.00738,
  "RepetitionTime": 0.503,
  "FlipAngle": 60,
  "EchoTime1": 0.00492,
  "EchoTime2": 0.00738,
  "PartialFourier": 1,
  "BaseResolution": 64,
  "ShimSetting": [
    7040,
    -13399,
    -6667,
    207,
    564,
    198,
    -32,
    -163
  ],
  "TxRefAmp": 298.143,
  "PhaseResolution": 1,
  "ReceiveCoilName": "HeadNeck_64",
  "ReceiveCoilActiveElements": "HC1-7",
  "PulseSequenceDetails": "%SiemensSeq%\\gre_field_mapping",
  "CoilCombinationMethod": "Sum of Squares",
  "ConsistencyInfo": "N4_VE11E_LATEST_20181129",
  "MatrixCoilMode": "SENSE",
  "PercentPhaseFOV": 100,
  "PercentSampling": 100,
  "PhaseEncodingSteps": 64,
  "AcquisitionMatrixPE": 64,
  "ReconMatrixPE": 64,
  "PixelBandwidth": 390,
  "DwellTime": 2.01e-05,
  "PhaseEncodingDirection": "i",
  "SliceTiming": [
    0,
    0.25781,
    0.00781,
    0.27344,
    0.02344,
    0.28125,
    0.03906,
    0.29688,
    0.05469,
    0.3125,
    0.0625,
    0.32031,
    0.07812,
    0.33594,
    0.09375,
    0.35156,
    0.10938,
    0.36719,
    0.125,
    0.375,
    0.13281,
    0.39062,
    0.14844,
    0.40625,
    0.16406,
    0.42188,
    0.17969,
    0.4375,
    0.1875,
    0.44531,
    0.20312,
    0.46094,
    0.21875,
    0.47656,
    0.22656,
    0.49219,
    0.24219
  ],
  "ImageOrientationPatientDICOM": [
    0.999879,
    -0.011822,
    -0.0100737,
    0.0104711,
    0.992106,
    -0.124961
  ],
  "ImageOrientationText": "Tra>Cor(-7.2)>Sag(-0.7)",
  "InPlanePhaseEncodingDirectionDICOM": "ROW",
  "ConversionSoftware": "dcm2niix",
  "ConversionSoftwareVersion": "v1.0.20211006",
  "IntendedFor": [
    "ses-01/func/sub-01_ses-01_task-Alice_run-01_bold.nii.gz",
    "ses-01/func/sub-01_ses-01_task-Alice_run-02_bold.nii.gz",
    "ses-01/func/sub-01_ses-01_task-Articulation_run-01_bold.nii.gz",
    "ses-01/func/sub-01_ses-01_task-Articulation_run-02_bold.nii.gz",
    "ses-01/func/sub-01_ses-01_task-PN_run-01_bold.nii.gz",
    "ses-01/func/sub-01_ses-01_task-PN_run-02_bold.nii.gz",
    "ses-01/func/sub-01_ses-01_task-PN_run-03_bold.nii.gz",
    "ses-01/func/sub-01_ses-01_task-Stroop_run-01_bold.nii.gz",
    "ses-01/func/sub-01_ses-01_task-Stroop_run-02_bold.nii.gz"
  ]
}
