{
  "Modality": "MR",
  "MagneticFieldStrength": 3,
  "ImagingFrequency": 123.228,
  "Manufacturer": "Siemens",
  "ManufacturersModelName": "Skyra",
  "InstitutionName": "Malopolskie Centrum Biotechnologii",
  "InstitutionalDepartmentName": "Department",
  "DeviceSerialNumber": "45484",
  "StationName": "AWP45484",
  "BodyPartExamined": "BRAIN",
  "PatientPosition": "HFS",
  "SoftwareVersions": "syngo MR E11",
  "MRAcquisitionType": "3D",
  "SeriesDescription": "t1_mprage_sag_p3_iso_A",
  "ProtocolName": "t1_mprage_sag_p3_iso_A",
  "ScanningSequence": "GR\\IR",
  "SequenceVariant": "SK\\SP\\MP\\OSP",
  "ScanOptions": "IR",
  "SequenceName": "*tfl3d1_16ns",
  "ImageType": [
    "ORIGINAL",
    "PRIMARY",
    "M",
    "ND",
    "NORM",
    "FM3",
    "2",
    "FIL"
  ],
  "SeriesNumber": 5,
  "AcquisitionTime": "10:47:27.072500",
  "AcquisitionNumber": 1,
  "SliceThickness": 0.9,
  "SAR": 0.0636827,
  "EchoTime": 0.00232,
  "RepetitionTime": 1.8,
  "SpoilingState": true,
  "InversionTime": 0.9,
  "FlipAngle": 8,
  "PartialFourier": 1,
  "BaseResolution": 256,
  "ShimSetting": [
    7050,
    -13416,
    -7195,
    -310,
    672,
    -452,
    99,
    -251
  ],
  "TxRefAmp": 311.24,
  "PhaseResolution": 1,
  "PhaseOversampling": 0.1,
  "ReceiveCoilName": "HeadNeck_64",
  "ReceiveCoilActiveElements": "HC1-7",
  "PulseSequenceDetails": "%SiemensSeq%\\tfl",
  "RefLinesPE": 24,
  "CoilCombinationMethod": "Adaptive Combine",
  "ConsistencyInfo": "N4_VE11E_LATEST_20181129",
  "MatrixCoilMode": "GRAPPA",
  "PercentPhaseFOV": 100,
  "PercentSampling": 100,
  "PhaseEncodingSteps": 280,
  "AcquisitionMatrixPE": 256,
  "ReconMatrixPE": 256,
  "ParallelReductionFactorInPlane": 3,
  "PixelBandwidth": 200,
  "DwellTime": 9.8e-06,
  "ImageOrientationPatientDICOM": [
    0.0579364,
    0.998313,
    -0.00383957,
    -0.00877461,
    -0.00333666,
    -0.999956
  ],
  "ImageOrientationText": "Sag>Cor(3.3)>Tra(0.5)",
  "InPlanePhaseEncodingDirectionDICOM": "ROW",
  "ConversionSoftware": "dcm2niix",
  "ConversionSoftwareVersion": "v1.0.20211006"
}
