{
  "Modality": "MR",
  "MagneticFieldStrength": 3,
  "ImagingFrequency": 123.228,
  "Manufacturer": "Siemens",
  "ManufacturersModelName": "Skyra",
  "InstitutionName": "Malopolskie Centrum Biotechnologii",
  "InstitutionalDepartmentName": "Department",
  "DeviceSerialNumber": "45484",
  "StationName": "AWP45484",
  "BodyPartExamined": "BRAIN",
  "PatientPosition": "HFS",
  "SoftwareVersions": "syngo MR E11",
  "MRAcquisitionType": "3D",
  "SeriesDescription": "t2_spc_sag_iso_p4",
  "ProtocolName": "t2_spc_sag_iso_p4",
  "ScanningSequence": "SE",
  "SequenceVariant": "SK\\SP",
  "ScanOptions": "PFP",
  "SequenceName": "*spcR_282ns",
  "ImageType": [
    "ORIGINAL",
    "PRIMARY",
    "M",
    "ND",
    "NORM"
  ],
  "SeriesNumber": 32,
  "AcquisitionTime": "13:41:39.890000",
  "AcquisitionNumber": 1,
  "SliceThickness": 0.9,
  "SAR": 0.194775,
  "EchoTime": 0.408,
  "RepetitionTime": 3.2,
  "SpoilingState": true,
  "FlipAngle": 120,
  "PartialFourier": 1,
  "BaseResolution": 256,
  "ShimSetting": [
    7047,
    -13399,
    -7179,
    -314,
    678,
    -473,
    100,
    -247
  ],
  "TxRefAmp": 283.274,
  "PhaseResolution": 1,
  "ReceiveCoilName": "HeadNeck_64",
  "ReceiveCoilActiveElements": "HC1-7",
  "PulseSequenceDetails": "%SiemensSeq%\\tse_vfl",
  "RefLinesPE": 24,
  "CoilCombinationMethod": "Adaptive Combine",
  "ConsistencyInfo": "N4_VE11E_LATEST_20181129",
  "MatrixCoilMode": "GRAPPA",
  "PercentPhaseFOV": 100,
  "PercentSampling": 100,
  "EchoTrainLength": 253,
  "PhaseEncodingSteps": 223,
  "AcquisitionMatrixPE": 256,
  "ReconMatrixPE": 256,
  "ParallelReductionFactorInPlane": 4,
  "PixelBandwidth": 725,
  "DwellTime": 2.7e-06,
  "PhaseEncodingDirection": "i",
  "ImageOrientationPatientDICOM": [
    0.0549231,
    0.996903,
    0.0562887,
    -0.0413163,
    0.0585945,
    -0.997427
  ],
  "ImageOrientationText": "Sag>Cor(3.0)>Tra(2.5)",
  "InPlanePhaseEncodingDirectionDICOM": "ROW",
  "ConversionSoftware": "dcm2niix",
  "ConversionSoftwareVersion": "v1.0.20211006"
}
