{
  "Modality": "MR",
  "MagneticFieldStrength": 3,
  "ImagingFrequency": 123.228,
  "Manufacturer": "Siemens",
  "ManufacturersModelName": "Skyra",
  "InstitutionName": "Malopolskie Centrum Biotechnologii",
  "InstitutionalDepartmentName": "Department",
  "DeviceSerialNumber": "45484",
  "StationName": "AWP45484",
  "BodyPartExamined": "BRAIN",
  "PatientPosition": "HFS",
  "SoftwareVersions": "syngo MR E11",
  "MRAcquisitionType": "2D",
  "SeriesDescription": "fieldmap_B",
  "ProtocolName": "fieldmap_B",
  "ScanningSequence": "GR",
  "SequenceVariant": "SP",
  "SequenceName": "*fm2d2r",
  "ImageType": [
    "ORIGINAL",
    "PRIMARY",
    "M",
    "ND",
    "NORM"
  ],
  "SeriesNumber": 26,
  "AcquisitionTime": "11:57:27.437500",
  "AcquisitionNumber": 1,
  "SliceThickness": 3,
  "SpacingBetweenSlices": 3,
  "SAR": 0.145078,
  "EchoNumber": 2,
  "EchoTime": 0.00738,
  "RepetitionTime": 0.507,
  "FlipAngle": 60,
  "PartialFourier": 1,
  "BaseResolution": 64,
  "ShimSetting": [
    7000,
    -13420,
    -6656,
    172,
    552,
    -212,
    62,
    -140
  ],
  "TxRefAmp": 313.772,
  "PhaseResolution": 1,
  "ReceiveCoilName": "HeadNeck_64",
  "ReceiveCoilActiveElements": "HC1-7",
  "PulseSequenceDetails": "%SiemensSeq%\\gre_field_mapping",
  "CoilCombinationMethod": "Sum of Squares",
  "ConsistencyInfo": "N4_VE11E_LATEST_20181129",
  "MatrixCoilMode": "SENSE",
  "PercentPhaseFOV": 100,
  "PercentSampling": 100,
  "PhaseEncodingSteps": 64,
  "AcquisitionMatrixPE": 64,
  "ReconMatrixPE": 64,
  "PixelBandwidth": 390,
  "DwellTime": 2.01e-05,
  "PhaseEncodingDirection": "i",
  "SliceTiming": [
    0.25781,
    0,
    0.26562,
    0.01562,
    0.28125,
    0.02344,
    0.28906,
    0.03906,
    0.29688,
    0.04688,
    0.30469,
    0.05469,
    0.32031,
    0.0625,
    0.32812,
    0.07812,
    0.33594,
    0.08594,
    0.35156,
    0.09375,
    0.35938,
    0.10156,
    0.36719,
    0.11719,
    0.375,
    0.125,
    0.39062,
    0.13281,
    0.39844,
    0.14844,
    0.41406,
    0.15625,
    0.42188,
    0.16406,
    0.42969,
    0.17188,
    0.4375,
    0.1875,
    0.45312,
    0.19531,
    0.46094,
    0.20312,
    0.46875,
    0.21875,
    0.47656,
    0.22656,
    0.49219,
    0.23438,
    0.5,
    0.25
  ],
  "ImageOrientationPatientDICOM": [
    0.995245,
    0.0797538,
    -0.0559138,
    -0.0846227,
    0.992255,
    -0.0909306
  ],
  "ImageOrientationText": "Tra>Cor(-5.5)>Sag(-2.8)",
  "InPlanePhaseEncodingDirectionDICOM": "ROW",
  "ConversionSoftware": "dcm2niix",
  "ConversionSoftwareVersion": "v1.0.20211006",
  "IntendedFor": [
    "ses-01/func/sub-22_ses-01_task-PN_run-01_bold.nii.gz",
    "ses-01/func/sub-22_ses-01_task-PN_run-02_bold.nii.gz",
    "ses-01/func/sub-22_ses-01_task-PN_run-03_bold.nii.gz",
    "ses-01/func/sub-22_ses-01_task-PN_run-04_bold.nii.gz",
    "ses-01/func/sub-22_ses-01_task-VF_run-01_bold.nii.gz",
    "ses-01/func/sub-22_ses-01_task-VF_run-02_bold.nii.gz",
    "ses-01/func/sub-22_ses-01_task-vWM_run-01_bold.nii.gz",
    "ses-01/func/sub-22_ses-01_task-vWM_run-02_bold.nii.gz"
  ]
}
