{
  "Modality": "MR",
  "MagneticFieldStrength": 3,
  "ImagingFrequency": 123.228,
  "Manufacturer": "Siemens",
  "ManufacturersModelName": "Skyra",
  "InstitutionName": "Malopolskie Centrum Biotechnologii",
  "InstitutionalDepartmentName": "Department",
  "DeviceSerialNumber": "45484",
  "StationName": "AWP45484",
  "BodyPartExamined": "BRAIN",
  "PatientPosition": "HFS",
  "SoftwareVersions": "syngo MR E11",
  "MRAcquisitionType": "2D",
  "SeriesDescription": "fieldmap",
  "ProtocolName": "fieldmap",
  "ScanningSequence": "GR",
  "SequenceVariant": "SP",
  "SequenceName": "*fm2d2r",
  "ImageType": [
    "ORIGINAL",
    "PRIMARY",
    "M",
    "ND",
    "NORM"
  ],
  "SeriesNumber": 24,
  "AcquisitionTime": "12:25:54.170000",
  "AcquisitionNumber": 1,
  "SliceThickness": 3,
  "SpacingBetweenSlices": 3,
  "SAR": 0.104217,
  "EchoNumber": 2,
  "EchoTime": 0.00738,
  "RepetitionTime": 0.503,
  "FlipAngle": 60,
  "PartialFourier": 1,
  "BaseResolution": 64,
  "ShimSetting": [
    7041,
    -13372,
    -6649,
    162,
    633,
    34,
    -16,
    -179
  ],
  "TxRefAmp": 294.208,
  "PhaseResolution": 1,
  "ReceiveCoilName": "HeadNeck_64",
  "ReceiveCoilActiveElements": "HC1-7",
  "PulseSequenceDetails": "%SiemensSeq%\\gre_field_mapping",
  "CoilCombinationMethod": "Sum of Squares",
  "ConsistencyInfo": "N4_VE11E_LATEST_20181129",
  "MatrixCoilMode": "SENSE",
  "PercentPhaseFOV": 100,
  "PercentSampling": 100,
  "PhaseEncodingSteps": 64,
  "AcquisitionMatrixPE": 64,
  "ReconMatrixPE": 64,
  "PixelBandwidth": 390,
  "DwellTime": 2.01e-05,
  "PhaseEncodingDirection": "i",
  "SliceTiming": [
    0,
    0.25781,
    0.00781,
    0.27344,
    0.02344,
    0.28125,
    0.03906,
    0.29688,
    0.05469,
    0.3125,
    0.0625,
    0.32031,
    0.07812,
    0.33594,
    0.09375,
    0.35156,
    0.10938,
    0.36719,
    0.11719,
    0.375,
    0.13281,
    0.39062,
    0.14844,
    0.40625,
    0.16406,
    0.42188,
    0.17188,
    0.42969,
    0.1875,
    0.44531,
    0.20312,
    0.46094,
    0.21875,
    0.47656,
    0.22656,
    0.48438,
    0.24219
  ],
  "ImageOrientationPatientDICOM": [
    0.999808,
    -0.00111997,
    -0.0195814,
    -0.002094,
    0.986567,
    -0.163345
  ],
  "ImageOrientationText": "Tra>Cor(-9.4)>Sag(-1.1)",
  "InPlanePhaseEncodingDirectionDICOM": "ROW",
  "ConversionSoftware": "dcm2niix",
  "ConversionSoftwareVersion": "v1.0.20211006",
  "IntendedFor": [
    "ses-02/func/sub-01_ses-02_task-PN_run-01_bold.nii.gz",
    "ses-02/func/sub-01_ses-02_task-PN_run-02_bold.nii.gz",
    "ses-02/func/sub-01_ses-02_task-PN_run-03_bold.nii.gz",
    "ses-02/func/sub-01_ses-02_task-VF_run-01_bold.nii.gz",
    "ses-02/func/sub-01_ses-02_task-VF_run-02_bold.nii.gz",
    "ses-02/func/sub-01_ses-02_task-vWM_run-01_bold.nii.gz",
    "ses-02/func/sub-01_ses-02_task-vWM_run-02_bold.nii.gz"
  ]
}
