{
  "Modality": "MR",
  "MagneticFieldStrength": 3,
  "ImagingFrequency": 123.228,
  "Manufacturer": "Siemens",
  "ManufacturersModelName": "Skyra",
  "InstitutionName": "Malopolskie Centrum Biotechnologii",
  "InstitutionalDepartmentName": "Department",
  "DeviceSerialNumber": "45484",
  "StationName": "AWP45484",
  "BodyPartExamined": "BRAIN",
  "PatientPosition": "HFS",
  "SoftwareVersions": "syngo MR E11",
  "MRAcquisitionType": "3D",
  "SeriesDescription": "t1_mprage_sag_p3_iso_B",
  "ProtocolName": "t1_mprage_sag_p3_iso_B",
  "ScanningSequence": "GR\\IR",
  "SequenceVariant": "SK\\SP\\MP\\OSP",
  "ScanOptions": "IR",
  "SequenceName": "*tfl3d1_16ns",
  "ImageType": [
    "ORIGINAL",
    "PRIMARY",
    "M",
    "ND",
    "NORM",
    "FM3",
    "2",
    "FIL"
  ],
  "SeriesNumber": 5,
  "AcquisitionTime": "12:48:31.430000",
  "AcquisitionNumber": 1,
  "SliceThickness": 0.9,
  "SAR": 0.076689,
  "EchoTime": 0.00232,
  "RepetitionTime": 1.8,
  "SpoilingState": true,
  "InversionTime": 0.9,
  "FlipAngle": 8,
  "PartialFourier": 1,
  "BaseResolution": 256,
  "ShimSetting": [
    7047,
    -13399,
    -7179,
    -314,
    678,
    -473,
    100,
    -247
  ],
  "TxRefAmp": 291.047,
  "PhaseResolution": 1,
  "PhaseOversampling": 0.1,
  "ReceiveCoilName": "HeadNeck_64",
  "ReceiveCoilActiveElements": "HC1-7",
  "PulseSequenceDetails": "%SiemensSeq%\\tfl",
  "RefLinesPE": 24,
  "CoilCombinationMethod": "Adaptive Combine",
  "ConsistencyInfo": "N4_VE11E_LATEST_20181129",
  "MatrixCoilMode": "GRAPPA",
  "PercentPhaseFOV": 100,
  "PercentSampling": 100,
  "PhaseEncodingSteps": 280,
  "AcquisitionMatrixPE": 256,
  "ReconMatrixPE": 256,
  "ParallelReductionFactorInPlane": 3,
  "PixelBandwidth": 200,
  "DwellTime": 9.8e-06,
  "ImageOrientationPatientDICOM": [
    0.0781008,
    0.992351,
    0.0956006,
    0.0790671,
    0.0894258,
    -0.99285
  ],
  "ImageOrientationText": "Sag>Cor(4.9)>Tra(-4.1)",
  "InPlanePhaseEncodingDirectionDICOM": "ROW",
  "ConversionSoftware": "dcm2niix",
  "ConversionSoftwareVersion": "v1.0.20211006"
}
