{
  "Modality": "MR",
  "MagneticFieldStrength": 3,
  "ImagingFrequency": 123.228,
  "Manufacturer": "Siemens",
  "ManufacturersModelName": "Skyra",
  "InstitutionName": "Malopolskie Centrum Biotechnologii",
  "InstitutionalDepartmentName": "Department",
  "DeviceSerialNumber": "45484",
  "StationName": "AWP45484",
  "BodyPartExamined": "BRAIN",
  "PatientPosition": "HFS",
  "SoftwareVersions": "syngo MR E11",
  "MRAcquisitionType": "2D",
  "SeriesDescription": "t2_tse_dark-fluid_tra_3mm",
  "ProtocolName": "t2_tse_dark-fluid_tra_3mm",
  "ScanningSequence": "SE\\IR",
  "SequenceVariant": "SK\\SP\\MP",
  "ScanOptions": "IR\\FS",
  "SequenceName": "*tir2d1_16",
  "ImageType": [
    "ORIGINAL",
    "PRIMARY",
    "M",
    "ND",
    "NORM"
  ],
  "SeriesNumber": 6,
  "AcquisitionTime": "16:36:38.605000",
  "AcquisitionNumber": 1,
  "SliceThickness": 2,
  "SpacingBetweenSlices": 2.2,
  "SAR": 0.430659,
  "EchoTime": 0.081,
  "RepetitionTime": 9,
  "SpoilingState": true,
  "InversionTime": 2.5,
  "FlipAngle": 150,
  "PartialFourier": 1,
  "BaseResolution": 320,
  "ShimSetting": [
    7060,
    -13395,
    -6809,
    156,
    786,
    -488,
    -215,
    -171
  ],
  "TxRefAmp": 296.48,
  "PhaseResolution": 0.7,
  "ReceiveCoilName": "HeadNeck_64",
  "ReceiveCoilActiveElements": "HC1-7;NC1,2",
  "PulseSequenceDetails": "%SiemensSeq%\\tse",
  "CoilCombinationMethod": "Adaptive Combine",
  "ConsistencyInfo": "N4_VE11E_LATEST_20181129",
  "MatrixCoilMode": "SENSE",
  "PercentPhaseFOV": 100,
  "PercentSampling": 70,
  "EchoTrainLength": 16,
  "PhaseEncodingSteps": 224,
  "AcquisitionMatrixPE": 224,
  "ReconMatrixPE": 320,
  "PixelBandwidth": 290,
  "DwellTime": 5.4e-06,
  "PhaseEncodingDirection": "i",
  "SliceTiming": [
    0,
    95,
    0.1875,
    95.1875,
    0.375,
    95.375,
    0.5625,
    95.5625,
    0.75,
    95.75,
    0.9375,
    95.9375,
    1.125,
    96.125,
    1.32812,
    96.3281,
    1.51562,
    96.5156,
    1.70312,
    96.7031,
    1.89062,
    96.8906,
    2.07812,
    97.0781,
    2.26562,
    97.2656,
    2.45312,
    97.4531,
    2.64062,
    97.6406,
    2.82812,
    97.8281,
    3.01562,
    98.0156,
    3.21875,
    98.2188,
    3.40625,
    98.4062,
    3.59375,
    98.5938,
    3.78125,
    98.7812,
    3.96875,
    98.9688,
    4.15625,
    99.1562,
    4.34375,
    99.3438,
    4.53125,
    99.5312,
    4.71875,
    99.7188,
    4.92188,
    99.9219,
    5.10938,
    100.109,
    5.29688
  ],
  "ImageOrientationPatientDICOM": [
    0.997824,
    0.0659176,
    0.0010464,
    -0.0659256,
    0.997744,
    0.012654
  ],
  "ImageOrientationText": "Tra>Cor(0.7)>Sag(0.0)",
  "InPlanePhaseEncodingDirectionDICOM": "ROW",
  "ConversionSoftware": "dcm2niix",
  "ConversionSoftwareVersion": "v1.0.20211006"
}
