{
  "Modality": "MR",
  "MagneticFieldStrength": 3,
  "ImagingFrequency": 123.228,
  "Manufacturer": "Siemens",
  "ManufacturersModelName": "Skyra",
  "InstitutionName": "Malopolskie Centrum Biotechnologii",
  "InstitutionalDepartmentName": "Department",
  "DeviceSerialNumber": "45484",
  "StationName": "AWP45484",
  "BodyPartExamined": "BRAIN",
  "PatientPosition": "HFS",
  "SoftwareVersions": "syngo MR E11",
  "MRAcquisitionType": "2D",
  "SeriesDescription": "epi_phase_PA_end_A",
  "ProtocolName": "epi_phase_PA_end_A",
  "ScanningSequence": "EP",
  "SequenceVariant": "SK\\SS",
  "ScanOptions": "FS\\EXT",
  "SequenceName": "epfid2d1_64",
  "ImageType": [
    "ORIGINAL",
    "PRIMARY",
    "M",
    "MB",
    "ND",
    "NORM",
    "MOSAIC"
  ],
  "SeriesNumber": 28,
  "AcquisitionTime": "16:33:6.490000",
  "AcquisitionNumber": 1,
  "ImageComments": "Unaliased MB2/PE4/LB",
  "SliceThickness": 3,
  "SpacingBetweenSlices": 3,
  "SAR": 0.122591,
  "EchoTime": 0.027,
  "RepetitionTime": 1.4,
  "FlipAngle": 70,
  "PartialFourier": 1,
  "BaseResolution": 64,
  "ShimSetting": [
    7066,
    -13392,
    -6760,
    -24,
    655,
    -301,
    -68,
    -245
  ],
  "TxRefAmp": 287.328,
  "PhaseResolution": 1,
  "ReceiveCoilName": "HeadNeck_64",
  "ReceiveCoilActiveElements": "HC1-7",
  "PulseSequenceDetails": "%CustomerSeq%\\cmrr_mbep2d_bold",
  "WipMemBlock": "b7c59c75-9c5e-438a-a4f0-bd334cdd91e6||Sequence: R016 ve11e/master r/434b28f1; Aug  7 2019 18:53:46 by eja",
  "RefLinesPE": 24,
  "CoilCombinationMethod": "Sum of Squares",
  "ConsistencyInfo": "N4_VE11E_LATEST_20181129",
  "MatrixCoilMode": "GRAPPA",
  "MultibandAccelerationFactor": 2,
  "PercentPhaseFOV": 100,
  "PercentSampling": 100,
  "EchoTrainLength": 31,
  "PhaseEncodingSteps": 63,
  "AcquisitionMatrixPE": 64,
  "ReconMatrixPE": 64,
  "BandwidthPerPixelPhaseEncode": 41.667,
  "ParallelReductionFactorInPlane": 2,
  "EffectiveEchoSpacing": 0.000374997,
  "DerivedVendorReportedEchoSpacing": 0.000749994,
  "TotalReadoutTime": 0.0236248,
  "PixelBandwidth": 1500,
  "DwellTime": 5.2e-06,
  "PhaseEncodingDirection": "j",
  "SliceTiming": [
    0,
    0.7175,
    0.055,
    0.7725,
    0.11,
    0.8275,
    0.165,
    0.8825,
    0.22,
    0.9375,
    0.275,
    0.9925,
    0.33,
    1.0475,
    0.385,
    1.1025,
    0.44,
    1.1575,
    0.4975,
    1.215,
    0.5525,
    1.27,
    0.6075,
    1.325,
    0.6625,
    0,
    0.7175,
    0.055,
    0.7725,
    0.11,
    0.8275,
    0.165,
    0.8825,
    0.22,
    0.9375,
    0.275,
    0.9925,
    0.33,
    1.0475,
    0.385,
    1.1025,
    0.44,
    1.1575,
    0.4975,
    1.215,
    0.5525,
    1.27,
    0.6075,
    1.325,
    0.6625
  ],
  "ImageOrientationPatientDICOM": [
    0.996619,
    0.0577464,
    0.0584406,
    -0.0555452,
    0.997709,
    -0.0386147
  ],
  "ImageOrientationText": "Tra>Sag(3.5)>Cor(-2.0)",
  "InPlanePhaseEncodingDirectionDICOM": "COL",
  "ConversionSoftware": "dcm2niix",
  "ConversionSoftwareVersion": "v1.0.20211006",
  "IntendedFor": [
    "ses-02/func/sub-39_ses-02_task-Alice_run-01_bold.nii.gz",
    "ses-02/func/sub-39_ses-02_task-Alice_run-02_bold.nii.gz",
    "ses-02/func/sub-39_ses-02_task-Articulation_run-01_bold.nii.gz",
    "ses-02/func/sub-39_ses-02_task-Articulation_run-02_bold.nii.gz",
    "ses-02/func/sub-39_ses-02_task-PN_run-01_bold.nii.gz",
    "ses-02/func/sub-39_ses-02_task-PN_run-02_bold.nii.gz",
    "ses-02/func/sub-39_ses-02_task-PN_run-03_bold.nii.gz",
    "ses-02/func/sub-39_ses-02_task-PN_run-04_bold.nii.gz",
    "ses-02/func/sub-39_ses-02_task-Stroop_run-01_bold.nii.gz",
    "ses-02/func/sub-39_ses-02_task-Stroop_run-02_bold.nii.gz"
  ]
}
