{
  "Modality": "MR",
  "MagneticFieldStrength": 3,
  "ImagingFrequency": 123.228,
  "Manufacturer": "Siemens",
  "ManufacturersModelName": "Skyra",
  "InstitutionName": "Malopolskie Centrum Biotechnologii",
  "InstitutionalDepartmentName": "Department",
  "DeviceSerialNumber": "45484",
  "StationName": "AWP45484",
  "BodyPartExamined": "BRAIN",
  "PatientPosition": "HFS",
  "SoftwareVersions": "syngo MR E11",
  "MRAcquisitionType": "2D",
  "SeriesDescription": "fieldmap_B",
  "ProtocolName": "fieldmap_B",
  "ScanningSequence": "GR",
  "SequenceVariant": "SP",
  "SequenceName": "*fm2d2r",
  "ImageType": [
    "ORIGINAL",
    "PRIMARY",
    "M",
    "ND",
    "NORM"
  ],
  "SeriesNumber": 27,
  "AcquisitionTime": "11:42:59.665000",
  "AcquisitionNumber": 1,
  "SliceThickness": 3,
  "SpacingBetweenSlices": 3,
  "SAR": 0.0913965,
  "EchoNumber": 1,
  "EchoTime": 0.00492,
  "RepetitionTime": 0.503,
  "FlipAngle": 60,
  "PartialFourier": 1,
  "BaseResolution": 64,
  "ShimSetting": [
    7045,
    -13494,
    -6629,
    144,
    673,
    -284,
    182,
    -120
  ],
  "TxRefAmp": 334.837,
  "PhaseResolution": 1,
  "ReceiveCoilName": "HeadNeck_64",
  "ReceiveCoilActiveElements": "HC1-7",
  "PulseSequenceDetails": "%SiemensSeq%\\gre_field_mapping",
  "CoilCombinationMethod": "Sum of Squares",
  "ConsistencyInfo": "N4_VE11E_LATEST_20181129",
  "MatrixCoilMode": "SENSE",
  "PercentPhaseFOV": 100,
  "PercentSampling": 100,
  "PhaseEncodingSteps": 64,
  "AcquisitionMatrixPE": 64,
  "ReconMatrixPE": 64,
  "PixelBandwidth": 390,
  "DwellTime": 2.01e-05,
  "PhaseEncodingDirection": "i",
  "SliceTiming": [
    0,
    0.25781,
    0.01562,
    0.27344,
    0.02344,
    0.28906,
    0.03906,
    0.29688,
    0.05469,
    0.3125,
    0.07031,
    0.32812,
    0.07812,
    0.33594,
    0.09375,
    0.35156,
    0.10938,
    0.36719,
    0.11719,
    0.38281,
    0.13281,
    0.39062,
    0.14844,
    0.40625,
    0.16406,
    0.42188,
    0.17969,
    0.4375,
    0.1875,
    0.44531,
    0.20312,
    0.46094,
    0.21875,
    0.47656,
    0.23438,
    0.49219,
    0.24219
  ],
  "ImageOrientationPatientDICOM": [
    0.999943,
    -0.00998963,
    0.00376668,
    0.0101227,
    0.999259,
    -0.0371332
  ],
  "ImageOrientationText": "Tra>Cor(-2.1)>Sag(0.2)",
  "InPlanePhaseEncodingDirectionDICOM": "ROW",
  "ConversionSoftware": "dcm2niix",
  "ConversionSoftwareVersion": "v1.0.20211006",
  "IntendedFor": [
    "ses-01/func/sub-06_ses-01_task-PN_run-01_bold.nii.gz",
    "ses-01/func/sub-06_ses-01_task-PN_run-02_bold.nii.gz",
    "ses-01/func/sub-06_ses-01_task-PN_run-03_bold.nii.gz",
    "ses-01/func/sub-06_ses-01_task-PN_run-04_bold.nii.gz",
    "ses-01/func/sub-06_ses-01_task-VF_run-01_bold.nii.gz",
    "ses-01/func/sub-06_ses-01_task-VF_run-02_bold.nii.gz",
    "ses-01/func/sub-06_ses-01_task-vWM_run-01_bold.nii.gz",
    "ses-01/func/sub-06_ses-01_task-vWM_run-02_bold.nii.gz"
  ]
}
