{
  "Modality": "MR",
  "MagneticFieldStrength": 3,
  "ImagingFrequency": 123.228,
  "Manufacturer": "Siemens",
  "ManufacturersModelName": "Skyra",
  "InstitutionName": "Malopolskie Centrum Biotechnologii",
  "InstitutionalDepartmentName": "Department",
  "DeviceSerialNumber": "45484",
  "StationName": "AWP45484",
  "BodyPartExamined": "BRAIN",
  "PatientPosition": "HFS",
  "SoftwareVersions": "syngo MR E11",
  "MRAcquisitionType": "2D",
  "SeriesDescription": "fieldmap_B",
  "ProtocolName": "fieldmap_B",
  "ScanningSequence": "GR",
  "SequenceVariant": "SP",
  "SequenceName": "*fm2d2r",
  "ImageType": [
    "ORIGINAL",
    "PRIMARY",
    "M",
    "ND",
    "NORM"
  ],
  "SeriesNumber": 30,
  "AcquisitionTime": "11:38:18.425000",
  "AcquisitionNumber": 1,
  "SliceThickness": 3,
  "SpacingBetweenSlices": 3,
  "SAR": 0.13241,
  "EchoNumber": 2,
  "EchoTime": 0.00738,
  "RepetitionTime": 0.507,
  "FlipAngle": 60,
  "PartialFourier": 1,
  "BaseResolution": 64,
  "ShimSetting": [
    7066,
    -13345,
    -6716,
    -159,
    585,
    -67,
    -178,
    -169
  ],
  "TxRefAmp": 316.503,
  "PhaseResolution": 1,
  "ReceiveCoilName": "HeadNeck_64",
  "ReceiveCoilActiveElements": "HC1-7",
  "PulseSequenceDetails": "%SiemensSeq%\\gre_field_mapping",
  "CoilCombinationMethod": "Sum of Squares",
  "ConsistencyInfo": "N4_VE11E_LATEST_20181129",
  "MatrixCoilMode": "SENSE",
  "PercentPhaseFOV": 100,
  "PercentSampling": 100,
  "PhaseEncodingSteps": 64,
  "AcquisitionMatrixPE": 64,
  "ReconMatrixPE": 64,
  "PixelBandwidth": 390,
  "DwellTime": 2.01e-05,
  "PhaseEncodingDirection": "i",
  "SliceTiming": [
    0.25,
    0,
    0.26562,
    0.00781,
    0.27344,
    0.01562,
    0.28125,
    0.03125,
    0.29688,
    0.03906,
    0.30469,
    0.04688,
    0.3125,
    0.0625,
    0.32031,
    0.07031,
    0.33594,
    0.07812,
    0.34375,
    0.09375,
    0.35156,
    0.10156,
    0.35938,
    0.10938,
    0.375,
    0.11719,
    0.38281,
    0.13281,
    0.39062,
    0.14062,
    0.40625,
    0.14844,
    0.41406,
    0.16406,
    0.42188,
    0.17188,
    0.4375,
    0.17969,
    0.44531,
    0.1875,
    0.45312,
    0.20312,
    0.46875,
    0.21094,
    0.47656,
    0.21875,
    0.48438,
    0.23438,
    0.49219,
    0.24219
  ],
  "ImageOrientationPatientDICOM": [
    0.999986,
    -5.38472e-05,
    0.00527832,
    0.000872653,
    0.987875,
    -0.155247
  ],
  "ImageOrientationText": "Tra>Cor(-8.9)>Sag(0.3)",
  "InPlanePhaseEncodingDirectionDICOM": "ROW",
  "ConversionSoftware": "dcm2niix",
  "ConversionSoftwareVersion": "v1.0.20211006",
  "IntendedFor": [
    "ses-02/func/sub-28_ses-02_task-PN_run-01_bold.nii.gz",
    "ses-02/func/sub-28_ses-02_task-PN_run-02_bold.nii.gz",
    "ses-02/func/sub-28_ses-02_task-PN_run-03_bold.nii.gz",
    "ses-02/func/sub-28_ses-02_task-PN_run-04_bold.nii.gz",
    "ses-02/func/sub-28_ses-02_task-Stroop_run-01_bold.nii.gz",
    "ses-02/func/sub-28_ses-02_task-Stroop_run-02_bold.nii.gz",
    "ses-02/func/sub-28_ses-02_task-VF_run-01_bold.nii.gz",
    "ses-02/func/sub-28_ses-02_task-VF_run-02_bold.nii.gz",
    "ses-02/func/sub-28_ses-02_task-vWM_run-01_bold.nii.gz",
    "ses-02/func/sub-28_ses-02_task-vWM_run-02_bold.nii.gz"
  ]
}
