{
  "Modality": "MR",
  "MagneticFieldStrength": 3,
  "ImagingFrequency": 123.228,
  "Manufacturer": "Siemens",
  "ManufacturersModelName": "Skyra",
  "InstitutionName": "Malopolskie Centrum Biotechnologii",
  "InstitutionalDepartmentName": "Department",
  "DeviceSerialNumber": "45484",
  "StationName": "AWP45484",
  "BodyPartExamined": "BRAIN",
  "PatientPosition": "HFS",
  "SoftwareVersions": "syngo MR E11",
  "MRAcquisitionType": "2D",
  "SeriesDescription": "fieldmap_A",
  "ProtocolName": "fieldmap_A",
  "ScanningSequence": "GR",
  "SequenceVariant": "SP",
  "SequenceName": "*fm2d2r",
  "ImageType": [
    "ORIGINAL",
    "PRIMARY",
    "M",
    "ND",
    "NORM"
  ],
  "SeriesNumber": 36,
  "AcquisitionTime": "11:47:35.660000",
  "AcquisitionNumber": 1,
  "SliceThickness": 3,
  "SpacingBetweenSlices": 3,
  "SAR": 0.11045,
  "EchoNumber": 1,
  "EchoTime": 0.00492,
  "RepetitionTime": 0.503,
  "FlipAngle": 60,
  "PartialFourier": 1,
  "BaseResolution": 64,
  "ShimSetting": [
    7070,
    -13499,
    -6499,
    544,
    790,
    -79,
    340,
    -232
  ],
  "TxRefAmp": 289.117,
  "PhaseResolution": 1,
  "ReceiveCoilName": "HeadNeck_64",
  "ReceiveCoilActiveElements": "HC1-7",
  "PulseSequenceDetails": "%SiemensSeq%\\gre_field_mapping",
  "CoilCombinationMethod": "Sum of Squares",
  "ConsistencyInfo": "N4_VE11E_LATEST_20181129",
  "MatrixCoilMode": "SENSE",
  "PercentPhaseFOV": 100,
  "PercentSampling": 100,
  "PhaseEncodingSteps": 64,
  "AcquisitionMatrixPE": 64,
  "ReconMatrixPE": 64,
  "PixelBandwidth": 390,
  "DwellTime": 2.01e-05,
  "PhaseEncodingDirection": "i",
  "SliceTiming": [
    0,
    0.25781,
    0.01562,
    0.27344,
    0.03125,
    0.28906,
    0.04688,
    0.30469,
    0.0625,
    0.3125,
    0.07031,
    0.32812,
    0.08594,
    0.34375,
    0.10156,
    0.35938,
    0.11719,
    0.375,
    0.125,
    0.38281,
    0.14062,
    0.39844,
    0.15625,
    0.41406,
    0.16406,
    0.42969,
    0.17969,
    0.4375,
    0.19531,
    0.45312,
    0.21094,
    0.46875,
    0.21875,
    0.47656,
    0.23438,
    0.49219,
    0.25
  ],
  "ImageOrientationPatientDICOM": [
    0.998005,
    -0.0251279,
    0.057917,
    0.0252622,
    0.99968,
    -0.00158783
  ],
  "ImageOrientationText": "Tra>Sag(3.3)>Cor(-0.2)",
  "InPlanePhaseEncodingDirectionDICOM": "ROW",
  "ConversionSoftware": "dcm2niix",
  "ConversionSoftwareVersion": "v1.0.20211006",
  "IntendedFor": [
    "ses-02/func/sub-03_ses-02_task-Alice_run-01_bold.nii.gz",
    "ses-02/func/sub-03_ses-02_task-Alice_run-02_bold.nii.gz",
    "ses-02/func/sub-03_ses-02_task-Articulation_run-01_bold.nii.gz",
    "ses-02/func/sub-03_ses-02_task-Articulation_run-02_bold.nii.gz",
    "ses-02/func/sub-03_ses-02_task-PN_run-01_bold.nii.gz",
    "ses-02/func/sub-03_ses-02_task-PN_run-02_bold.nii.gz",
    "ses-02/func/sub-03_ses-02_task-PN_run-03_bold.nii.gz",
    "ses-02/func/sub-03_ses-02_task-Stroop_run-01_bold.nii.gz",
    "ses-02/func/sub-03_ses-02_task-Stroop_run-02_bold.nii.gz"
  ]
}
