{
  "Modality": "MR",
  "MagneticFieldStrength": 3,
  "ImagingFrequency": 123.228,
  "Manufacturer": "Siemens",
  "ManufacturersModelName": "Skyra",
  "InstitutionName": "Malopolskie Centrum Biotechnologii",
  "InstitutionalDepartmentName": "Department",
  "DeviceSerialNumber": "45484",
  "StationName": "AWP45484",
  "BodyPartExamined": "BRAIN",
  "PatientPosition": "HFS",
  "SoftwareVersions": "syngo MR E11",
  "MRAcquisitionType": "2D",
  "SeriesDescription": "stroop_run1",
  "ProtocolName": "stroop_run1",
  "ScanningSequence": "EP",
  "SequenceVariant": "SK\\SS",
  "ScanOptions": "FS\\EXT",
  "SequenceName": "epfid2d1_64",
  "ImageType": [
    "ORIGINAL",
    "PRIMARY",
    "M",
    "MB",
    "ND",
    "NORM",
    "MOSAIC"
  ],
  "SeriesNumber": 24,
  "AcquisitionTime": "11:42:39.652500",
  "AcquisitionNumber": 1,
  "ImageComments": "Unaliased MB2/PE4/LB",
  "SliceThickness": 3,
  "SpacingBetweenSlices": 3,
  "SAR": 0.113731,
  "EchoTime": 0.027,
  "RepetitionTime": 1.4,
  "FlipAngle": 70,
  "PartialFourier": 1,
  "BaseResolution": 64,
  "ShimSetting": [
    7049,
    -13400,
    -6782,
    48,
    754,
    -518,
    63,
    -187
  ],
  "TxRefAmp": 297.829,
  "PhaseResolution": 1,
  "ReceiveCoilName": "HeadNeck_64",
  "ReceiveCoilActiveElements": "HC1-7",
  "PulseSequenceDetails": "%CustomerSeq%\\cmrr_mbep2d_bold",
  "WipMemBlock": "ed2416fd-e57e-4adf-b963-fa7e2311a569||Sequence: R016 ve11e/master r/434b28f1; Aug  7 2019 18:53:46 by eja",
  "RefLinesPE": 24,
  "CoilCombinationMethod": "Sum of Squares",
  "ConsistencyInfo": "N4_VE11E_LATEST_20181129",
  "MatrixCoilMode": "GRAPPA",
  "MultibandAccelerationFactor": 2,
  "PercentPhaseFOV": 100,
  "PercentSampling": 100,
  "EchoTrainLength": 31,
  "PhaseEncodingSteps": 63,
  "AcquisitionMatrixPE": 64,
  "ReconMatrixPE": 64,
  "BandwidthPerPixelPhaseEncode": 41.667,
  "ParallelReductionFactorInPlane": 2,
  "EffectiveEchoSpacing": 0.000374997,
  "DerivedVendorReportedEchoSpacing": 0.000749994,
  "TotalReadoutTime": 0.0236248,
  "PixelBandwidth": 1500,
  "DwellTime": 5.2e-06,
  "PhaseEncodingDirection": "j-",
  "SliceTiming": [
    0,
    0.7175,
    0.055,
    0.7725,
    0.11,
    0.8275,
    0.165,
    0.8825,
    0.22,
    0.9375,
    0.275,
    0.9925,
    0.3325,
    1.05,
    0.3875,
    1.105,
    0.4425,
    1.16,
    0.4975,
    1.215,
    0.5525,
    1.27,
    0.6075,
    1.325,
    0.6625,
    0,
    0.7175,
    0.055,
    0.7725,
    0.11,
    0.8275,
    0.165,
    0.8825,
    0.22,
    0.9375,
    0.275,
    0.9925,
    0.3325,
    1.05,
    0.3875,
    1.105,
    0.4425,
    1.16,
    0.4975,
    1.215,
    0.5525,
    1.27,
    0.6075,
    1.325,
    0.6625
  ],
  "ImageOrientationPatientDICOM": [
    0.993681,
    0.10364,
    -0.0430794,
    -0.102862,
    0.994496,
    0.0199035
  ],
  "ImageOrientationText": "Tra>Sag(-2.6)>Cor(0.9)",
  "InPlanePhaseEncodingDirectionDICOM": "COL",
  "ConversionSoftware": "dcm2niix",
  "ConversionSoftwareVersion": "v1.0.20211006",
  "TaskName": "Stroop"
}
