{
  "Modality": "MR",
  "MagneticFieldStrength": 3,
  "ImagingFrequency": 123.228,
  "Manufacturer": "Siemens",
  "ManufacturersModelName": "Skyra",
  "InstitutionName": "Malopolskie Centrum Biotechnologii",
  "InstitutionalDepartmentName": "Department",
  "DeviceSerialNumber": "45484",
  "StationName": "AWP45484",
  "BodyPartExamined": "BRAIN",
  "PatientPosition": "HFS",
  "SoftwareVersions": "syngo MR E11",
  "MRAcquisitionType": "2D",
  "SeriesDescription": "fieldmap_A",
  "ProtocolName": "fieldmap_A",
  "ScanningSequence": "GR",
  "SequenceVariant": "SP",
  "SequenceName": "*fm2d2r",
  "ImageType": [
    "ORIGINAL",
    "PRIMARY",
    "P",
    "ND",
    "PHASE"
  ],
  "SeriesNumber": 37,
  "AcquisitionTime": "18:38:59.720000",
  "AcquisitionNumber": 1,
  "SliceThickness": 3,
  "SpacingBetweenSlices": 3,
  "SAR": 0.111882,
  "EchoNumber": 2,
  "EchoTime": 0.00738,
  "RepetitionTime": 0.507,
  "FlipAngle": 60,
  "EchoTime1": 0.00492,
  "EchoTime2": 0.00738,
  "PartialFourier": 1,
  "BaseResolution": 64,
  "ShimSetting": [
    7029,
    -13346,
    -6843,
    -79,
    560,
    -951,
    372,
    -352
  ],
  "TxRefAmp": 349.207,
  "PhaseResolution": 1,
  "ReceiveCoilName": "HeadNeck_64",
  "ReceiveCoilActiveElements": "HC1-7",
  "PulseSequenceDetails": "%SiemensSeq%\\gre_field_mapping",
  "CoilCombinationMethod": "Sum of Squares",
  "ConsistencyInfo": "N4_VE11E_LATEST_20181129",
  "MatrixCoilMode": "SENSE",
  "PercentPhaseFOV": 100,
  "PercentSampling": 100,
  "PhaseEncodingSteps": 64,
  "AcquisitionMatrixPE": 64,
  "ReconMatrixPE": 64,
  "PixelBandwidth": 390,
  "DwellTime": 2.01e-05,
  "PhaseEncodingDirection": "i",
  "SliceTiming": [
    0.25,
    0,
    0.26562,
    0.01562,
    0.26562,
    0.01562,
    0.28125,
    0.03125,
    0.29688,
    0.03125,
    0.29688,
    0.04688,
    0.3125,
    0.0625,
    0.32812,
    0.0625,
    0.32812,
    0.07812,
    0.34375,
    0.09375,
    0.34375,
    0.09375,
    0.35938,
    0.10938,
    0.375,
    0.125,
    0.39062,
    0.125,
    0.39062,
    0.14062,
    0.40625,
    0.15625,
    0.40625,
    0.15625,
    0.42188,
    0.17188,
    0.4375,
    0.17188,
    0.4375,
    0.1875,
    0.45312,
    0.20312,
    0.46875,
    0.21875,
    0.46875,
    0.21875,
    0.48438,
    0.23438,
    0.5,
    0.23438
  ],
  "ImageOrientationPatientDICOM": [
    0.996356,
    0.0852889,
    -0.000189753,
    -0.0834912,
    0.974897,
    -0.206411
  ],
  "ImageOrientationText": "Tra>Cor(-11.9)>Sag(1.0)",
  "InPlanePhaseEncodingDirectionDICOM": "ROW",
  "ConversionSoftware": "dcm2niix",
  "ConversionSoftwareVersion": "v1.0.20211006",
  "IntendedFor": [
    "ses-02/func/sub-31_ses-02_task-Alice_run-01_bold.nii.gz",
    "ses-02/func/sub-31_ses-02_task-Alice_run-02_bold.nii.gz",
    "ses-02/func/sub-31_ses-02_task-Articulation_run-01_bold.nii.gz",
    "ses-02/func/sub-31_ses-02_task-Articulation_run-02_bold.nii.gz",
    "ses-02/func/sub-31_ses-02_task-PN_run-01_bold.nii.gz",
    "ses-02/func/sub-31_ses-02_task-PN_run-02_bold.nii.gz",
    "ses-02/func/sub-31_ses-02_task-PN_run-03_bold.nii.gz",
    "ses-02/func/sub-31_ses-02_task-PN_run-04_bold.nii.gz",
    "ses-02/func/sub-31_ses-02_task-Stroop_run-01_bold.nii.gz",
    "ses-02/func/sub-31_ses-02_task-Stroop_run-02_bold.nii.gz"
  ]
}
