{
  "Modality": "MR",
  "MagneticFieldStrength": 3,
  "ImagingFrequency": 123.229,
  "Manufacturer": "Siemens",
  "ManufacturersModelName": "Skyra",
  "InstitutionName": "Malopolskie Centrum Biotechnologii",
  "InstitutionalDepartmentName": "Department",
  "DeviceSerialNumber": "45484",
  "StationName": "AWP45484",
  "BodyPartExamined": "BRAIN",
  "PatientPosition": "HFS",
  "SoftwareVersions": "syngo MR E11",
  "MRAcquisitionType": "2D",
  "SeriesDescription": "fieldmap_B",
  "ProtocolName": "fieldmap_B",
  "ScanningSequence": "GR",
  "SequenceVariant": "SP",
  "SequenceName": "*fm2d2r",
  "ImageType": [
    "ORIGINAL",
    "PRIMARY",
    "M",
    "ND",
    "NORM"
  ],
  "SeriesNumber": 26,
  "AcquisitionTime": "13:53:17.940000",
  "AcquisitionNumber": 1,
  "SliceThickness": 3,
  "SpacingBetweenSlices": 3,
  "SAR": 0.102743,
  "EchoNumber": 1,
  "EchoTime": 0.00492,
  "RepetitionTime": 0.503,
  "FlipAngle": 60,
  "PartialFourier": 1,
  "BaseResolution": 64,
  "ShimSetting": [
    6937,
    -14073,
    -8097,
    -373,
    459,
    -3849,
    -189,
    -816
  ],
  "TxRefAmp": 291.047,
  "PhaseResolution": 1,
  "ReceiveCoilName": "HeadNeck_64",
  "ReceiveCoilActiveElements": "HC1-7;NC1",
  "PulseSequenceDetails": "%SiemensSeq%\\gre_field_mapping",
  "CoilCombinationMethod": "Sum of Squares",
  "ConsistencyInfo": "N4_VE11E_LATEST_20181129",
  "MatrixCoilMode": "SENSE",
  "PercentPhaseFOV": 100,
  "PercentSampling": 100,
  "PhaseEncodingSteps": 64,
  "AcquisitionMatrixPE": 64,
  "ReconMatrixPE": 64,
  "PixelBandwidth": 390,
  "DwellTime": 2.01e-05,
  "PhaseEncodingDirection": "i",
  "SliceTiming": [
    0,
    0.26562,
    0.01562,
    0.28125,
    0.03125,
    0.28125,
    0.04688,
    0.29688,
    0.0625,
    0.3125,
    0.0625,
    0.32812,
    0.07812,
    0.34375,
    0.09375,
    0.35938,
    0.10938,
    0.375,
    0.125,
    0.375,
    0.14062,
    0.39062,
    0.15625,
    0.40625,
    0.17188,
    0.42188,
    0.1875,
    0.4375,
    0.1875,
    0.45312,
    0.20312,
    0.46875,
    0.21875,
    0.48438,
    0.23438,
    0.5,
    0.25
  ],
  "ImageOrientationPatientDICOM": [
    0.993805,
    -0.0851029,
    0.0714778,
    0.0787378,
    0.99304,
    0.0875886
  ],
  "ImageOrientationText": "Tra>Cor(4.7)>Sag(4.5)",
  "InPlanePhaseEncodingDirectionDICOM": "ROW",
  "ConversionSoftware": "dcm2niix",
  "ConversionSoftwareVersion": "v1.0.20211006",
  "IntendedFor": [
    "ses-02/func/sub-09_ses-02_task-PN_run-01_bold.nii.gz",
    "ses-02/func/sub-09_ses-02_task-PN_run-02_bold.nii.gz",
    "ses-02/func/sub-09_ses-02_task-PN_run-03_bold.nii.gz",
    "ses-02/func/sub-09_ses-02_task-PN_run-04_bold.nii.gz",
    "ses-02/func/sub-09_ses-02_task-VF_run-01_bold.nii.gz",
    "ses-02/func/sub-09_ses-02_task-VF_run-02_bold.nii.gz",
    "ses-02/func/sub-09_ses-02_task-vWM_run-01_bold.nii.gz",
    "ses-02/func/sub-09_ses-02_task-vWM_run-02_bold.nii.gz"
  ]
}
