{
  "Modality": "MR",
  "MagneticFieldStrength": 3,
  "ImagingFrequency": 123.228,
  "Manufacturer": "Siemens",
  "ManufacturersModelName": "Skyra",
  "InstitutionName": "Malopolskie Centrum Biotechnologii",
  "InstitutionalDepartmentName": "Department",
  "DeviceSerialNumber": "45484",
  "StationName": "AWP45484",
  "BodyPartExamined": "BRAIN",
  "PatientPosition": "HFS",
  "SoftwareVersions": "syngo MR E11",
  "MRAcquisitionType": "2D",
  "SeriesDescription": "fieldmap_B",
  "ProtocolName": "fieldmap_B",
  "ScanningSequence": "GR",
  "SequenceVariant": "SP",
  "SequenceName": "*fm2d2r",
  "ImageType": [
    "ORIGINAL",
    "PRIMARY",
    "M",
    "ND",
    "NORM"
  ],
  "SeriesNumber": 26,
  "AcquisitionTime": "11:43:20.920000",
  "AcquisitionNumber": 1,
  "SliceThickness": 3,
  "SpacingBetweenSlices": 3,
  "SAR": 0.139517,
  "EchoNumber": 1,
  "EchoTime": 0.00492,
  "RepetitionTime": 0.507,
  "FlipAngle": 60,
  "PartialFourier": 1,
  "BaseResolution": 64,
  "ShimSetting": [
    7025,
    -13386,
    -6741,
    -48,
    640,
    -769,
    201,
    -166
  ],
  "TxRefAmp": 322.527,
  "PhaseResolution": 1,
  "ReceiveCoilName": "HeadNeck_64",
  "ReceiveCoilActiveElements": "HC1-7",
  "PulseSequenceDetails": "%SiemensSeq%\\gre_field_mapping",
  "CoilCombinationMethod": "Sum of Squares",
  "ConsistencyInfo": "N4_VE11E_LATEST_20181129",
  "MatrixCoilMode": "SENSE",
  "PercentPhaseFOV": 100,
  "PercentSampling": 100,
  "PhaseEncodingSteps": 64,
  "AcquisitionMatrixPE": 64,
  "ReconMatrixPE": 64,
  "PixelBandwidth": 390,
  "DwellTime": 2.01e-05,
  "PhaseEncodingDirection": "i",
  "SliceTiming": [
    0.25781,
    0,
    0.26562,
    0.01562,
    0.27344,
    0.02344,
    0.28906,
    0.03125,
    0.29688,
    0.04688,
    0.30469,
    0.05469,
    0.3125,
    0.0625,
    0.32812,
    0.07031,
    0.33594,
    0.08594,
    0.35156,
    0.09375,
    0.35938,
    0.10156,
    0.36719,
    0.11719,
    0.375,
    0.125,
    0.39062,
    0.13281,
    0.39844,
    0.14062,
    0.40625,
    0.15625,
    0.42188,
    0.16406,
    0.42969,
    0.17969,
    0.4375,
    0.1875,
    0.44531,
    0.19531,
    0.46094,
    0.20312,
    0.46875,
    0.21875,
    0.47656,
    0.22656,
    0.49219,
    0.23438,
    0.5,
    0.24219
  ],
  "ImageOrientationPatientDICOM": [
    0.998494,
    -0.0111003,
    0.0537211,
    0.0189977,
    0.988683,
    -0.148813
  ],
  "ImageOrientationText": "Tra>Cor(-8.6)>Sag(2.9)",
  "InPlanePhaseEncodingDirectionDICOM": "ROW",
  "ConversionSoftware": "dcm2niix",
  "ConversionSoftwareVersion": "v1.0.20211006",
  "IntendedFor": [
    "ses-01/func/sub-30_ses-01_task-PN_run-01_bold.nii.gz",
    "ses-01/func/sub-30_ses-01_task-PN_run-02_bold.nii.gz",
    "ses-01/func/sub-30_ses-01_task-PN_run-03_bold.nii.gz",
    "ses-01/func/sub-30_ses-01_task-PN_run-04_bold.nii.gz",
    "ses-01/func/sub-30_ses-01_task-VF_run-01_bold.nii.gz",
    "ses-01/func/sub-30_ses-01_task-VF_run-02_bold.nii.gz",
    "ses-01/func/sub-30_ses-01_task-vWM_run-01_bold.nii.gz",
    "ses-01/func/sub-30_ses-01_task-vWM_run-02_bold.nii.gz"
  ]
}
