{
  "Modality": "MR",
  "MagneticFieldStrength": 3,
  "ImagingFrequency": 123.228,
  "Manufacturer": "Siemens",
  "ManufacturersModelName": "Skyra",
  "InstitutionName": "Malopolskie Centrum Biotechnologii",
  "InstitutionalDepartmentName": "Department",
  "DeviceSerialNumber": "45484",
  "StationName": "AWP45484",
  "BodyPartExamined": "BRAIN",
  "PatientPosition": "HFS",
  "SoftwareVersions": "syngo MR E11",
  "MRAcquisitionType": "2D",
  "SeriesDescription": "fieldmap_A",
  "ProtocolName": "fieldmap_A",
  "ScanningSequence": "GR",
  "SequenceVariant": "SP",
  "SequenceName": "*fm2d2r",
  "ImageType": [
    "ORIGINAL",
    "PRIMARY",
    "M",
    "ND",
    "NORM"
  ],
  "SeriesNumber": 30,
  "AcquisitionTime": "13:49:19.712500",
  "AcquisitionNumber": 1,
  "SliceThickness": 3,
  "SpacingBetweenSlices": 3,
  "SAR": 0.127657,
  "EchoNumber": 2,
  "EchoTime": 0.00738,
  "RepetitionTime": 0.507,
  "FlipAngle": 60,
  "PartialFourier": 1,
  "BaseResolution": 64,
  "ShimSetting": [
    7075,
    -13457,
    -6760,
    118,
    675,
    -296,
    148,
    -265
  ],
  "TxRefAmp": 287.012,
  "PhaseResolution": 1,
  "ReceiveCoilName": "HeadNeck_64",
  "ReceiveCoilActiveElements": "HC1-7",
  "PulseSequenceDetails": "%SiemensSeq%\\gre_field_mapping",
  "CoilCombinationMethod": "Sum of Squares",
  "ConsistencyInfo": "N4_VE11E_LATEST_20181129",
  "MatrixCoilMode": "SENSE",
  "MultibandAccelerationFactor": 2,
  "PercentPhaseFOV": 100,
  "PercentSampling": 100,
  "PhaseEncodingSteps": 64,
  "AcquisitionMatrixPE": 64,
  "ReconMatrixPE": 64,
  "PixelBandwidth": 390,
  "DwellTime": 2.01e-05,
  "PhaseEncodingDirection": "i",
  "SliceTiming": [
    0.26562,
    0,
    0.26562,
    0.01562,
    0.28125,
    0.03125,
    0.29688,
    0.03125,
    0.29688,
    0.04688,
    0.3125,
    0.0625,
    0.3125,
    0.0625,
    0.32812,
    0.07812,
    0.34375,
    0.09375,
    0.35938,
    0.09375,
    0.35938,
    0.10938,
    0.375,
    0.10938,
    0.375,
    0.125,
    0.39062,
    0.14062,
    0.40625,
    0.14062,
    0.40625,
    0.15625,
    0.42188,
    0.17188,
    0.4375,
    0.17188,
    0.4375,
    0.1875,
    0.45312,
    0.20312,
    0.46875,
    0.20312,
    0.46875,
    0.21875,
    0.48438,
    0.23438,
    0.48438,
    0.23438,
    0.5,
    0.25
  ],
  "ImageOrientationPatientDICOM": [
    0.993581,
    0.00689756,
    0.112916,
    0.00364168,
    0.995672,
    -0.0928652
  ],
  "ImageOrientationText": "Tra>Sag(6.5)>Cor(-5.3)",
  "InPlanePhaseEncodingDirectionDICOM": "ROW",
  "ConversionSoftware": "dcm2niix",
  "ConversionSoftwareVersion": "v1.0.20211006",
  "IntendedFor": [
    "ses-01/func/sub-16_ses-01_task-Alice_run-01_bold.nii.gz",
    "ses-01/func/sub-16_ses-01_task-Alice_run-02_bold.nii.gz",
    "ses-01/func/sub-16_ses-01_task-Articulation_run-01_bold.nii.gz",
    "ses-01/func/sub-16_ses-01_task-Articulation_run-02_bold.nii.gz",
    "ses-01/func/sub-16_ses-01_task-PN_run-01_bold.nii.gz",
    "ses-01/func/sub-16_ses-01_task-PN_run-02_bold.nii.gz",
    "ses-01/func/sub-16_ses-01_task-PN_run-03_bold.nii.gz",
    "ses-01/func/sub-16_ses-01_task-PN_run-04_bold.nii.gz",
    "ses-01/func/sub-16_ses-01_task-Stroop_run-01_bold.nii.gz",
    "ses-01/func/sub-16_ses-01_task-Stroop_run-02_bold.nii.gz"
  ]
}
