{
  "Modality": "MR",
  "MagneticFieldStrength": 3,
  "ImagingFrequency": 123.228,
  "Manufacturer": "Siemens",
  "ManufacturersModelName": "Skyra",
  "InstitutionName": "Malopolskie Centrum Biotechnologii",
  "InstitutionalDepartmentName": "Department",
  "DeviceSerialNumber": "45484",
  "StationName": "AWP45484",
  "BodyPartExamined": "BRAIN",
  "PatientPosition": "HFS",
  "SoftwareVersions": "syngo MR E11",
  "MRAcquisitionType": "2D",
  "SeriesDescription": "epi_phase_PA_end_B",
  "ProtocolName": "epi_phase_PA_end_B",
  "ScanningSequence": "EP",
  "SequenceVariant": "SK\\SS",
  "ScanOptions": "FS\\EXT",
  "SequenceName": "epfid2d1_64",
  "ImageType": [
    "ORIGINAL",
    "PRIMARY",
    "M",
    "MB",
    "ND",
    "NORM",
    "MOSAIC"
  ],
  "SeriesNumber": 24,
  "AcquisitionTime": "15:58:20.675000",
  "AcquisitionNumber": 1,
  "ImageComments": "Unaliased MB2/PE4/LB",
  "SliceThickness": 3,
  "SpacingBetweenSlices": 3,
  "SAR": 0.13063,
  "EchoTime": 0.027,
  "RepetitionTime": 1.4,
  "FlipAngle": 70,
  "PartialFourier": 1,
  "BaseResolution": 64,
  "ShimSetting": [
    7053,
    -13459,
    -6683,
    357,
    732,
    -369,
    -49,
    -227
  ],
  "TxRefAmp": 280.255,
  "PhaseResolution": 1,
  "ReceiveCoilName": "HeadNeck_64",
  "ReceiveCoilActiveElements": "HC1-7",
  "PulseSequenceDetails": "%CustomerSeq%\\cmrr_mbep2d_bold",
  "WipMemBlock": "a633693a-7e07-421b-9186-36235af63451||Sequence: R016 ve11e/master r/434b28f1; Aug  7 2019 18:53:46 by eja",
  "RefLinesPE": 24,
  "CoilCombinationMethod": "Sum of Squares",
  "ConsistencyInfo": "N4_VE11E_LATEST_20181129",
  "MatrixCoilMode": "GRAPPA",
  "MultibandAccelerationFactor": 2,
  "PercentPhaseFOV": 100,
  "PercentSampling": 100,
  "EchoTrainLength": 31,
  "PhaseEncodingSteps": 63,
  "AcquisitionMatrixPE": 64,
  "ReconMatrixPE": 64,
  "BandwidthPerPixelPhaseEncode": 41.667,
  "ParallelReductionFactorInPlane": 2,
  "EffectiveEchoSpacing": 0.000374997,
  "DerivedVendorReportedEchoSpacing": 0.000749994,
  "TotalReadoutTime": 0.0236248,
  "PixelBandwidth": 1500,
  "DwellTime": 5.2e-06,
  "PhaseEncodingDirection": "j",
  "SliceTiming": [
    0,
    0.7175,
    0.055,
    0.7725,
    0.11,
    0.8275,
    0.165,
    0.8825,
    0.22,
    0.9375,
    0.275,
    0.9925,
    0.33,
    1.0475,
    0.385,
    1.1025,
    0.44,
    1.1575,
    0.495,
    1.2125,
    0.55,
    1.2675,
    0.605,
    1.3225,
    0.6625,
    0,
    0.7175,
    0.055,
    0.7725,
    0.11,
    0.8275,
    0.165,
    0.8825,
    0.22,
    0.9375,
    0.275,
    0.9925,
    0.33,
    1.0475,
    0.385,
    1.1025,
    0.44,
    1.1575,
    0.495,
    1.2125,
    0.55,
    1.2675,
    0.605,
    1.3225,
    0.6625
  ],
  "ImageOrientationPatientDICOM": [
    0.998611,
    0.0526413,
    -0.0022179,
    -0.0526845,
    0.998145,
    -0.0305223
  ],
  "ImageOrientationText": "Tra>Cor(-1.8)>Sag(-0.0)",
  "InPlanePhaseEncodingDirectionDICOM": "COL",
  "ConversionSoftware": "dcm2niix",
  "ConversionSoftwareVersion": "v1.0.20211006",
  "IntendedFor": [
    "ses-01/func/sub-15_ses-01_task-PN_run-01_bold.nii.gz",
    "ses-01/func/sub-15_ses-01_task-PN_run-02_bold.nii.gz",
    "ses-01/func/sub-15_ses-01_task-PN_run-03_bold.nii.gz",
    "ses-01/func/sub-15_ses-01_task-PN_run-04_bold.nii.gz",
    "ses-01/func/sub-15_ses-01_task-VF_run-01_bold.nii.gz",
    "ses-01/func/sub-15_ses-01_task-VF_run-02_bold.nii.gz",
    "ses-01/func/sub-15_ses-01_task-vWM_run-01_bold.nii.gz",
    "ses-01/func/sub-15_ses-01_task-vWM_run-02_bold.nii.gz"
  ]
}
