{
  "Modality": "MR",
  "MagneticFieldStrength": 3,
  "ImagingFrequency": 123.228,
  "Manufacturer": "Siemens",
  "ManufacturersModelName": "Skyra",
  "InstitutionName": "Malopolskie Centrum Biotechnologii",
  "InstitutionalDepartmentName": "Department",
  "DeviceSerialNumber": "45484",
  "StationName": "AWP45484",
  "BodyPartExamined": "BRAIN",
  "PatientPosition": "HFS",
  "SoftwareVersions": "syngo MR E11",
  "MRAcquisitionType": "2D",
  "SeriesDescription": "fieldmap_A",
  "ProtocolName": "fieldmap_A",
  "ScanningSequence": "GR",
  "SequenceVariant": "SP",
  "SequenceName": "*fm2d2r",
  "ImageType": [
    "ORIGINAL",
    "PRIMARY",
    "P",
    "ND",
    "PHASE"
  ],
  "SeriesNumber": 36,
  "AcquisitionTime": "12:22:45.197500",
  "AcquisitionNumber": 1,
  "SliceThickness": 3,
  "SpacingBetweenSlices": 3,
  "SAR": 0.120315,
  "EchoNumber": 2,
  "EchoTime": 0.00738,
  "RepetitionTime": 0.503,
  "FlipAngle": 60,
  "EchoTime1": 0.00492,
  "EchoTime2": 0.00738,
  "PartialFourier": 1,
  "BaseResolution": 64,
  "ShimSetting": [
    7025,
    -13425,
    -6751,
    -23,
    698,
    -520,
    3,
    -167
  ],
  "TxRefAmp": 290.105,
  "PhaseResolution": 1,
  "ReceiveCoilName": "HeadNeck_64",
  "ReceiveCoilActiveElements": "HC1-7",
  "PulseSequenceDetails": "%SiemensSeq%\\gre_field_mapping",
  "CoilCombinationMethod": "Sum of Squares",
  "ConsistencyInfo": "N4_VE11E_LATEST_20181129",
  "MatrixCoilMode": "SENSE",
  "PercentPhaseFOV": 100,
  "PercentSampling": 100,
  "PhaseEncodingSteps": 64,
  "AcquisitionMatrixPE": 64,
  "ReconMatrixPE": 64,
  "PixelBandwidth": 390,
  "DwellTime": 2.01e-05,
  "PhaseEncodingDirection": "i",
  "SliceTiming": [
    0,
    0.25781,
    0.01562,
    0.27344,
    0.03125,
    0.28906,
    0.03906,
    0.29688,
    0.05469,
    0.3125,
    0.07031,
    0.32812,
    0.08594,
    0.34375,
    0.09375,
    0.35156,
    0.10938,
    0.36719,
    0.125,
    0.38281,
    0.14062,
    0.39844,
    0.14844,
    0.40625,
    0.16406,
    0.42188,
    0.17969,
    0.4375,
    0.19531,
    0.45312,
    0.20312,
    0.46094,
    0.21875,
    0.47656,
    0.23438,
    0.49219,
    0.25
  ],
  "ImageOrientationPatientDICOM": [
    0.990585,
    0.0907919,
    -0.102457,
    -0.0948591,
    0.994856,
    -0.0355384
  ],
  "ImageOrientationText": "Tra>Sag(-5.7)>Cor(-2.6)",
  "InPlanePhaseEncodingDirectionDICOM": "ROW",
  "ConversionSoftware": "dcm2niix",
  "ConversionSoftwareVersion": "v1.0.20211006",
  "IntendedFor": [
    "ses-01/func/sub-13_ses-01_task-Alice_run-01_bold.nii.gz",
    "ses-01/func/sub-13_ses-01_task-Alice_run-02_bold.nii.gz",
    "ses-01/func/sub-13_ses-01_task-Articulation_run-01_bold.nii.gz",
    "ses-01/func/sub-13_ses-01_task-Articulation_run-02_bold.nii.gz",
    "ses-01/func/sub-13_ses-01_task-PN_run-01_bold.nii.gz",
    "ses-01/func/sub-13_ses-01_task-PN_run-02_bold.nii.gz",
    "ses-01/func/sub-13_ses-01_task-PN_run-03_bold.nii.gz",
    "ses-01/func/sub-13_ses-01_task-PN_run-04_bold.nii.gz",
    "ses-01/func/sub-13_ses-01_task-Stroop_run-01_bold.nii.gz",
    "ses-01/func/sub-13_ses-01_task-Stroop_run-02_bold.nii.gz"
  ]
}
