{
  "Modality": "MR",
  "MagneticFieldStrength": 3,
  "ImagingFrequency": 123.228,
  "Manufacturer": "Siemens",
  "ManufacturersModelName": "Skyra",
  "InstitutionName": "Malopolskie Centrum Biotechnologii",
  "InstitutionalDepartmentName": "Department",
  "DeviceSerialNumber": "45484",
  "StationName": "AWP45484",
  "BodyPartExamined": "BRAIN",
  "PatientPosition": "HFS",
  "SoftwareVersions": "syngo MR E11",
  "MRAcquisitionType": "2D",
  "SeriesDescription": "t2_flair_tra",
  "ProtocolName": "t2_flair_tra",
  "ScanningSequence": "SE\\IR",
  "SequenceVariant": "SK\\SP\\MP",
  "ScanOptions": "IR",
  "SequenceName": "*tir2d1_19",
  "ImageType": [
    "ORIGINAL",
    "PRIMARY",
    "M",
    "NORM",
    "DIS2D"
  ],
  "SeriesNumber": 29,
  "AcquisitionTime": "14:02:48.467500",
  "AcquisitionNumber": 1,
  "SliceThickness": 3,
  "SpacingBetweenSlices": 3.3,
  "SAR": 0.169358,
  "EchoTime": 0.091,
  "RepetitionTime": 9,
  "SpoilingState": true,
  "InversionTime": 2.5,
  "FlipAngle": 150,
  "PartialFourier": 1,
  "BaseResolution": 256,
  "ShimSetting": [
    7050,
    -13404,
    -6811,
    137,
    728,
    -307,
    -154,
    -165
  ],
  "TxRefAmp": 291.411,
  "PhaseResolution": 1,
  "ReceiveCoilName": "HeadNeck_64",
  "ReceiveCoilActiveElements": "HC1-6",
  "PulseSequenceDetails": "%SiemensSeq%\\tse",
  "RefLinesPE": 47,
  "CoilCombinationMethod": "Adaptive Combine",
  "ConsistencyInfo": "N4_VE11E_LATEST_20181129",
  "MatrixCoilMode": "GRAPPA",
  "PercentPhaseFOV": 100,
  "PercentSampling": 100,
  "EchoTrainLength": 19,
  "PhaseEncodingSteps": 255,
  "AcquisitionMatrixPE": 256,
  "ReconMatrixPE": 256,
  "ParallelReductionFactorInPlane": 2,
  "PixelBandwidth": 220,
  "DwellTime": 8.8e-06,
  "PhaseEncodingDirection": "i",
  "SliceTiming": [
    0,
    81,
    122,
    0.15625,
    81.1562,
    122.156,
    0.32812,
    81.3281,
    122.328,
    0.48438,
    81.4844,
    122.484,
    0.65625,
    81.6562,
    122.656,
    0.82812,
    81.8281,
    122.828,
    0.98438,
    81.9844,
    122.984,
    1.15625,
    82.1562,
    123.156,
    1.3125,
    82.3125,
    123.312
  ],
  "ImageOrientationPatientDICOM": [
    0.999884,
    -0.00158245,
    -0.0151343,
    0.000698051,
    0.998301,
    -0.0582644
  ],
  "ImageOrientationText": "Tra>Cor(-3.3)>Sag(-0.9)",
  "InPlanePhaseEncodingDirectionDICOM": "ROW",
  "ConversionSoftware": "dcm2niix",
  "ConversionSoftwareVersion": "v1.0.20211006"
}
